GEM
  remote: https://rubygems.org/
  specs:
    celluloid (0.14.1)
      timers (>= 1.0.0)
    connection_pool (1.1.0)
    json (1.8.0)
    redis (3.0.4)
    redis-namespace (1.3.1)
      redis (~> 3.0.0)
    sidekiq (2.13.1)
      celluloid (>= 0.14.1)
      connection_pool (>= 1.0.0)
      json
      redis (>= 3.0)
      redis-namespace
    timers (1.1.0)

PLATFORMS
  ruby

DEPENDENCIES
  sidekiq
